PATH
  remote: .
  specs:
    solid_workflow (0.1.0)

GEM
  remote: https://rubygems.org/
  specs:
    classy_hash (0.2.1)
    deterministic (0.6.0)
    diff-lcs (1.3)
    rake (10.5.0)
    rspec (3.9.0)
      rspec-core (~> 3.9.0)
      rspec-expectations (~> 3.9.0)
      rspec-mocks (~> 3.9.0)
    rspec-core (3.9.0)
      rspec-support (~> 3.9.0)
    rspec-expectations (3.9.0)
      diff-lcs (>= 1.2.0, < 2.0)
      rspec-support (~> 3.9.0)
    rspec-mocks (3.9.0)
      diff-lcs (>= 1.2.0, < 2.0)
      rspec-support (~> 3.9.0)
    rspec-support (3.9.0)
    solid_use_case (2.2.0)
      deterministic (~> 0.6.0)

PLATFORMS
  ruby

DEPENDENCIES
  bundler (~> 2.0)
  classy_hash (~> 0.2.1)
  rake (~> 10.0)
  rspec (~> 3.0)
  solid_use_case (~> 2.2.0)
  solid_workflow!

BUNDLED WITH
   2.0.2
